PATH
  remote: .
  specs:
    tumbler (0.1.0)
      bundler (>= 1.0.0.rc.5)
      git
      thor

GEM
  remote: http://rubygems.org/
  specs:
    git (1.2.5)
    mocha (0.9.8)
      rake
    rake (0.8.7)
    riot (0.11.3)
      rr
      term-ansicolor
    rr (0.10.11)
    term-ansicolor (1.0.5)
    thor (0.14.0)

PLATFORMS
  ruby

DEPENDENCIES
  bundler (>= 1.0.0.rc.5)
  git
  mocha
  rake
  riot
  thor
  tumbler!
